GEM
  remote: https://rubygems.org/
  specs:
    event_emitter (0.2.5)
    minitest (5.8.3)
    rake (10.4.2)
    rx_ruby (0.0.2)

PLATFORMS
  ruby

DEPENDENCIES
  event_emitter
  minitest
  rake
  rx_ruby

BUNDLED WITH
   1.11.2
