GEM
  remote: https://rubygems.org/
  specs:
    event_emitter (0.2.5)
    rx_ruby (0.0.2)

PLATFORMS
  ruby

DEPENDENCIES
  event_emitter
  rx_ruby

BUNDLED WITH
   1.11.2
